PATH
  remote: .
  specs:
    whatlanguage (1.0.3)

GEM
  remote: https://rubygems.org/
  specs:

PLATFORMS
  ruby

DEPENDENCIES
  whatlanguage!
